PATH
  remote: .
  specs:
    ios_build_kit (0.0.6)
      commander (~> 4.1)
      json (~> 1.8)
      nomad-cli (~> 0.0.2)
      paint (~> 0.8)
      rmagick (~> 2.13)
      xcpretty (~> 0.1.3)

GEM
  remote: http://rubygems.org/
  specs:
    aws-sdk (1.34.1)
      json (~> 1.4)
      nokogiri (>= 1.4.4)
      uuidtools (~> 2.1)
    certified (0.1.1)
    commander (4.1.6)
      highline (~> 1.6.11)
    cupertino (0.9.5)
      certified (>= 0.1.0)
      commander (~> 4.1.2)
      mechanize (~> 2.5.1)
      nokogiri (~> 1.5.9)
      security (~> 0.1.2)
      shenzhen (>= 0.0.1)
      term-ansicolor (~> 1.0.7)
      terminal-table (~> 1.4.5)
    diff-lcs (1.2.5)
    domain_name (0.5.16)
      unf (>= 0.0.5, < 1.0.0)
    dotenv (0.10.0)
    dubai (0.0.5)
      commander (~> 4.1)
      json
      rubyzip
      sinatra (~> 1.3)
      terminal-table (~> 1.4)
    faraday (0.8.8)
      multipart-post (~> 1.2.0)
    faraday_middleware (0.9.0)
      faraday (>= 0.7.4, < 0.9)
    highline (1.6.20)
    houston (2.0.0)
      commander (~> 4.1)
      json
    json (1.8.1)
    mechanize (2.5.1)
      domain_name (~> 0.5, >= 0.5.1)
      mime-types (~> 1.17, >= 1.17.2)
      net-http-digest_auth (~> 1.1, >= 1.1.1)
      net-http-persistent (~> 2.5, >= 2.5.2)
      nokogiri (~> 1.4)
      ntlm-http (~> 0.1, >= 0.1.1)
      webrobots (~> 0.0, >= 0.0.9)
    mime-types (1.25.1)
    multipart-post (1.2.0)
    net-http-digest_auth (1.4)
    net-http-persistent (2.9.4)
    net-sftp (2.1.2)
      net-ssh (>= 2.6.5)
    net-ssh (2.8.0)
    nokogiri (1.5.11)
    nomad-cli (0.0.2)
      cupertino
      dubai
      houston
      shenzhen
      venice
    ntlm-http (0.1.1)
    paint (0.8.7)
    rack (1.5.2)
    rack-protection (1.5.2)
      rack
    rake (10.1.1)
    rmagick (2.13.2)
    rspec (2.14.1)
      rspec-core (~> 2.14.0)
      rspec-expectations (~> 2.14.0)
      rspec-mocks (~> 2.14.0)
    rspec-core (2.14.7)
    rspec-expectations (2.14.4)
      diff-lcs (>= 1.1.3, < 2.0)
    rspec-mocks (2.14.4)
    rubyzip (1.3.0)
    security (0.1.2)
    shenzhen (0.5.4)
      aws-sdk (~> 1.0)
      commander (~> 4.1)
      dotenv (~> 0.7)
      faraday (~> 0.8)
      faraday_middleware (~> 0.9)
      json (~> 1.8)
      net-sftp (~> 2.1.2)
    sinatra (1.4.4)
      rack (~> 1.4)
      rack-protection (~> 1.4)
      tilt (~> 1.3, >= 1.3.4)
    term-ansicolor (1.0.7)
    terminal-table (1.4.5)
    tilt (1.4.1)
    unf (0.1.3)
      unf_ext
    unf_ext (0.0.6)
    uuidtools (2.1.4)
    venice (0.2.0)
      commander (~> 4.1)
      json
      terminal-table (~> 1.4)
    webrobots (0.1.1)
    xcpretty (0.1.3)

PLATFORMS
  ruby

DEPENDENCIES
  bundler
  ios_build_kit!
  rake
  rspec
